GEM
  remote: http://rubygems.org/
  specs:
    activemodel (3.0.17)
      activesupport (= 3.0.17)
      builder (~> 2.1.2)
      i18n (~> 0.5.0)
    activesupport (3.0.17)
    builder (2.1.2)
    coffee-script (2.2.0)
      coffee-script-source
      execjs
    coffee-script-source (1.3.3)
    columnize (0.3.6)
    cuba (3.0.0)
      rack
    curb (0.7.18)
    debugger (1.1.4)
      columnize (>= 0.3.1)
      debugger-linecache (~> 1.1.1)
      debugger-ruby_core_source (~> 1.1.3)
    debugger-linecache (1.1.2)
      debugger-ruby_core_source (>= 1.1.1)
    debugger-ruby_core_source (1.1.3)
    execjs (1.4.0)
      multi_json (~> 1.0)
    haml (3.1.4)
    i18n (0.5.0)
    multi_json (1.2.0)
    rack (1.4.1)
    supermodel (0.1.6)
      activemodel (~> 3.0.0)
    threetaps-client (1.0.14)
      activesupport (~> 3.0.0)
      curb (~> 0.7.9)
      supermodel (~> 0.1.4)
    tilt (1.3.3)

PLATFORMS
  ruby

DEPENDENCIES
  coffee-script
  cuba
  debugger
  haml
  threetaps-client
  tilt
