GIT
  remote: git://github.com/abelmartin/3taps-Ruby-Client.git
  revision: 8c9897b373742c71296da8a8005cb8367e04836d
  specs:
    threetaps-client (0.5.1)
      activesupport (~> 3.0.0)
      curb (~> 0.7.9)
      supermodel (~> 0.1.4)

GEM
  remote: http://rubygems.org/
  specs:
    activemodel (3.0.17)
      activesupport (= 3.0.17)
      builder (~> 2.1.2)
      i18n (~> 0.5.0)
    activesupport (3.0.17)
    builder (2.1.2)
    coffee-script (2.2.0)
      coffee-script-source
      execjs
    coffee-script-source (1.3.3)
    columnize (0.3.6)
    cuba (3.0.0)
      rack
    curb (0.7.18)
    debugger (1.1.4)
      columnize (>= 0.3.1)
      debugger-linecache (~> 1.1.1)
      debugger-ruby_core_source (~> 1.1.3)
    debugger-linecache (1.1.2)
      debugger-ruby_core_source (>= 1.1.1)
    debugger-ruby_core_source (1.1.3)
    execjs (1.4.0)
      multi_json (~> 1.0)
    ffi (1.1.5)
    guard (1.3.2)
      listen (>= 0.4.2)
      thor (>= 0.14.6)
    guard-coffeescript (1.2.0)
      coffee-script (>= 2.2.0)
      guard (>= 1.1.0)
    haml (3.1.4)
    i18n (0.5.0)
    listen (0.4.7)
      rb-fchange (~> 0.0.5)
      rb-fsevent (~> 0.9.1)
      rb-inotify (~> 0.8.8)
    multi_json (1.2.0)
    rack (1.4.1)
    rb-fchange (0.0.5)
      ffi
    rb-fsevent (0.9.1)
    rb-inotify (0.8.8)
      ffi (>= 0.5.0)
    supermodel (0.1.6)
      activemodel (~> 3.0.0)
    thor (0.16.0)
    tilt (1.3.3)

PLATFORMS
  ruby

DEPENDENCIES
  coffee-script
  cuba
  debugger
  guard
  guard-coffeescript
  haml
  threetaps-client!
  tilt
